GEM
  remote: https://rubygems.org/
  specs:
    activesupport (4.2.7)
      i18n (~> 0.7)
      json (~> 1.7, >= 1.7.7)
      minitest (~> 5.1)
      thread_safe (~> 0.3, >= 0.3.4)
      tzinfo (~> 1.1)
    addressable (2.5.0)
      public_suffix (~> 2.0, >= 2.0.2)
    blankslate (2.1.2.4)
    cacert (0.3.0)
    coffee-script (2.4.1)
      coffee-script-source
      execjs
    coffee-script-source (1.12.2)
    colorator (1.1.0)
    dato (0.3.15)
      activesupport (>= 4.2.7)
      addressable
      cacert
      dotenv
      downloadr
      faraday (>= 0.9.0)
      faraday_middleware (>= 0.9.0)
      fastimage
      imgix (>= 0.3.1)
      listen
      pusher-client
      thor
      toml
    domain_name (0.5.20170404)
      unf (>= 0.0.5, < 1.0.0)
    dotenv (2.2.1)
    downloadr (0.0.41)
      addressable (~> 2.3)
      rest-client (~> 1.7)
    ethon (0.10.1)
      ffi (>= 1.3.0)
    execjs (2.7.0)
    faraday (0.11.0)
      multipart-post (>= 1.2, < 3)
    faraday_middleware (0.11.0.1)
      faraday (>= 0.7.4, < 1.0)
    fastimage (2.1.0)
    ffi (1.9.17)
    forwardable-extended (2.6.0)
    gemoji (3.0.0)
    github-pages (123)
      activesupport (= 4.2.7)
      github-pages-health-check (= 1.3.0)
      jekyll (= 3.3.1)
      jekyll-avatar (= 0.4.2)
      jekyll-coffeescript (= 1.0.1)
      jekyll-default-layout (= 0.1.4)
      jekyll-feed (= 0.9.1)
      jekyll-gist (= 1.4.0)
      jekyll-github-metadata (= 2.3.1)
      jekyll-mentions (= 1.2.0)
      jekyll-optional-front-matter (= 0.1.2)
      jekyll-paginate (= 1.1.0)
      jekyll-readme-index (= 0.0.4)
      jekyll-redirect-from (= 0.12.1)
      jekyll-relative-links (= 0.3.0)
      jekyll-sass-converter (= 1.5.0)
      jekyll-seo-tag (= 2.1.0)
      jekyll-sitemap (= 1.0.0)
      jekyll-swiss (= 0.4.0)
      jekyll-theme-architect (= 0.0.3)
      jekyll-theme-cayman (= 0.0.3)
      jekyll-theme-dinky (= 0.0.3)
      jekyll-theme-hacker (= 0.0.3)
      jekyll-theme-leap-day (= 0.0.3)
      jekyll-theme-merlot (= 0.0.3)
      jekyll-theme-midnight (= 0.0.3)
      jekyll-theme-minimal (= 0.0.3)
      jekyll-theme-modernist (= 0.0.3)
      jekyll-theme-primer (= 0.1.7)
      jekyll-theme-slate (= 0.0.3)
      jekyll-theme-tactile (= 0.0.3)
      jekyll-theme-time-machine (= 0.0.3)
      jekyll-titles-from-headings (= 0.1.4)
      jemoji (= 0.8.0)
      kramdown (= 1.13.2)
      liquid (= 3.0.6)
      listen (= 3.0.6)
      mercenary (~> 0.3)
      minima (= 2.0.0)
      nokogiri (= 1.6.8.1)
      rouge (= 1.11.1)
      terminal-table (~> 1.4)
    github-pages-health-check (1.3.0)
      addressable (~> 2.3)
      net-dns (~> 0.8)
      octokit (~> 4.0)
      public_suffix (~> 2.0)
      typhoeus (~> 0.7)
    html-pipeline (2.5.0)
      activesupport (>= 2)
      nokogiri (>= 1.4)
    http-cookie (1.0.3)
      domain_name (~> 0.5)
    i18n (0.8.0)
    imgix (1.1.0)
      addressable
    jekyll (3.3.1)
      addressable (~> 2.4)
      colorator (~> 1.0)
      jekyll-sass-converter (~> 1.0)
      jekyll-watch (~> 1.1)
      kramdown (~> 1.3)
      liquid (~> 3.0)
      mercenary (~> 0.3.3)
      pathutil (~> 0.9)
      rouge (~> 1.7)
      safe_yaml (~> 1.0)
    jekyll-avatar (0.4.2)
      jekyll (~> 3.0)
    jekyll-coffeescript (1.0.1)
      coffee-script (~> 2.2)
    jekyll-default-layout (0.1.4)
      jekyll (~> 3.0)
    jekyll-feed (0.9.1)
      jekyll (~> 3.3)
    jekyll-gist (1.4.0)
      octokit (~> 4.2)
    jekyll-github-metadata (2.3.1)
      jekyll (~> 3.1)
      octokit (~> 4.0, != 4.4.0)
    jekyll-mentions (1.2.0)
      activesupport (~> 4.0)
      html-pipeline (~> 2.3)
      jekyll (~> 3.0)
    jekyll-menus (0.5.0)
      jekyll (~> 3.1)
    jekyll-optional-front-matter (0.1.2)
      jekyll (~> 3.0)
    jekyll-paginate (1.1.0)
    jekyll-readme-index (0.0.4)
      jekyll (~> 3.0)
    jekyll-redirect-from (0.12.1)
      jekyll (~> 3.3)
    jekyll-relative-links (0.3.0)
      jekyll (~> 3.3)
    jekyll-sass-converter (1.5.0)
      sass (~> 3.4)
    jekyll-seo-tag (2.1.0)
      jekyll (~> 3.3)
    jekyll-sitemap (1.0.0)
      jekyll (~> 3.3)
    jekyll-swiss (0.4.0)
    jekyll-theme-architect (0.0.3)
      jekyll (~> 3.3)
    jekyll-theme-cayman (0.0.3)
      jekyll (~> 3.3)
    jekyll-theme-dinky (0.0.3)
      jekyll (~> 3.3)
    jekyll-theme-hacker (0.0.3)
      jekyll (~> 3.3)
    jekyll-theme-leap-day (0.0.3)
      jekyll (~> 3.3)
    jekyll-theme-merlot (0.0.3)
      jekyll (~> 3.3)
    jekyll-theme-midnight (0.0.3)
      jekyll (~> 3.3)
    jekyll-theme-minimal (0.0.3)
      jekyll (~> 3.3)
    jekyll-theme-modernist (0.0.3)
      jekyll (~> 3.3)
    jekyll-theme-primer (0.1.7)
      jekyll (~> 3.3)
    jekyll-theme-slate (0.0.3)
      jekyll (~> 3.3)
    jekyll-theme-tactile (0.0.3)
      jekyll (~> 3.3)
    jekyll-theme-time-machine (0.0.3)
      jekyll (~> 3.3)
    jekyll-titles-from-headings (0.1.4)
      jekyll (~> 3.3)
    jekyll-watch (1.5.0)
      listen (~> 3.0, < 3.1)
    jemoji (0.8.0)
      activesupport (~> 4.0)
      gemoji (~> 3.0)
      html-pipeline (~> 2.2)
      jekyll (>= 3.0)
    json (1.8.6)
    kramdown (1.13.2)
    liquid (3.0.6)
    listen (3.0.6)
      rb-fsevent (>= 0.9.3)
      rb-inotify (>= 0.9.7)
    mercenary (0.3.6)
    mime-types (2.99.3)
    mini_portile2 (2.1.0)
    minima (2.0.0)
    minitest (5.10.1)
    multipart-post (2.0.0)
    net-dns (0.8.0)
    netrc (0.11.0)
    nokogiri (1.6.8.1)
      mini_portile2 (~> 2.1.0)
    octokit (4.6.2)
      sawyer (~> 0.8.0, >= 0.5.3)
    parslet (1.5.0)
      blankslate (~> 2.0)
    pathutil (0.14.0)
      forwardable-extended (~> 2.6)
    public_suffix (2.0.5)
    pusher-client (0.6.2)
      json
      websocket (~> 1.0)
    rb-fsevent (0.9.8)
    rb-inotify (0.9.8)
      ffi (>= 0.5.0)
    rest-client (1.8.0)
      http-cookie (>= 1.0.2, < 2.0)
      mime-types (>= 1.16, < 3.0)
      netrc (~> 0.7)
    rouge (1.11.1)
    safe_yaml (1.0.4)
    sass (3.4.23)
    sawyer (0.8.1)
      addressable (>= 2.3.5, < 2.6)
      faraday (~> 0.8, < 1.0)
    terminal-table (1.7.3)
      unicode-display_width (~> 1.1.1)
    thor (0.19.4)
    thread_safe (0.3.5)
    toml (0.1.2)
      parslet (~> 1.5.0)
    typhoeus (0.8.0)
      ethon (>= 0.8.0)
    tzinfo (1.2.2)
      thread_safe (~> 0.1)
    unf (0.1.4)
      unf_ext
    unf_ext (0.0.7.4)
    unicode-display_width (1.1.3)
    websocket (1.2.4)

PLATFORMS
  ruby

DEPENDENCIES
  dato
  github-pages
  jekyll
  jekyll-feed
  jekyll-menus
  tzinfo-data

RUBY VERSION
   ruby 2.3.1p112

BUNDLED WITH
   1.14.6
